GEM
  remote: https://rubygems.org/
  specs:
    bosh_common (1.3262.24.0)
      logging (~> 1.8.2)
      semi_semantic (~> 1.2.0)
    bosh_cpi (2.0.6)
      httpclient (= 2.7.1)
      logging (~> 1.8.2)
      membrane (~> 1.1.0)
    byebug (9.0.6)
    diff-lcs (1.3)
    httpclient (2.7.1)
    little-plugger (1.1.4)
    logging (1.8.2)
      little-plugger (>= 1.1.3)
      multi_json (>= 1.8.4)
    membrane (1.1.0)
    mini_portile2 (2.1.0)
    multi_json (1.12.1)
    nokogiri (1.7.1)
      mini_portile2 (~> 2.1.0)
    rake (10.3.2)
    rspec (3.3.0)
      rspec-core (~> 3.3.0)
      rspec-expectations (~> 3.3.0)
      rspec-mocks (~> 3.3.0)
    rspec-core (3.3.2)
      rspec-support (~> 3.3.0)
    rspec-expectations (3.3.1)
      diff-lcs (>= 1.2.0, < 2.0)
      rspec-support (~> 3.3.0)
    rspec-mocks (3.3.2)
      diff-lcs (>= 1.2.0, < 2.0)
      rspec-support (~> 3.3.0)
    rspec-support (3.3.0)
    ruby-libvirt (0.7.0)
    semi_semantic (1.2.0)

PLATFORMS
  ruby

DEPENDENCIES
  bosh_common
  bosh_cpi
  byebug
  httpclient (= 2.7.1)
  membrane
  nokogiri
  rake (~> 10.3.2)
  rspec (~> 3.3.0)
  ruby-libvirt

BUNDLED WITH
   1.14.6
